GEM
  remote: http://rubygems.org/
  specs:
    activesupport (3.2.3)
      i18n (~> 0.6)
      multi_json (~> 1.0)
    addressable (2.2.7)
    atk (1.1.3)
      glib2 (>= 1.1.3)
    builder (3.0.0)
    cairo (1.12.1)
      pkg-config
    configatron (2.9.0)
      yamler (>= 0.1.0)
    data_objects (0.10.8)
      addressable (~> 2.1)
    dm-core (1.2.0)
      addressable (~> 2.2.6)
    dm-do-adapter (1.2.0)
      data_objects (~> 0.10.6)
      dm-core (~> 1.2.0)
    dm-enum (0.0.3)
      dm-core
    dm-migrations (1.2.0)
      dm-core (~> 1.2.0)
    dm-sqlite-adapter (1.2.0)
      dm-do-adapter (~> 1.2.0)
      do_sqlite3 (~> 0.10.6)
    dm-validations (1.2.0)
      dm-core (~> 1.2.0)
    do_sqlite3 (0.10.8)
      data_objects (= 0.10.8)
    gdk_pixbuf2 (1.1.3)
      glib2 (>= 1.1.3)
    git (1.2.5)
    glib2 (1.1.3)
      pkg-config
    gtk2 (1.1.2)
      atk (>= 1.1.2)
      gdk_pixbuf2 (>= 1.1.2)
      pango (>= 1.1.2)
    i18n (0.6.0)
    jeweler (1.6.4)
      bundler (~> 1.0)
      git (>= 1.2.5)
      rake
    multi_json (1.2.0)
    pango (1.1.3)
      cairo (>= 1.10.0)
      glib2 (>= 1.1.3)
    pkg-config (1.1.3)
    rake (0.9.2.2)
    smartdict-core (0.0.2)
      activesupport
      builder
      configatron
      dm-core
      dm-enum
      dm-migrations
      dm-sqlite-adapter
      dm-validations
    smartdict-gtk (0.0.3)
      builder
      dm-enum
      gtk2 (= 1.1.2)
      smartdict-core
      smartdict-icons
    smartdict-icons (0.0.0)
    yamler (0.1.0)

PLATFORMS
  ruby

DEPENDENCIES
  bundler
  jeweler (~> 1.6.4)
  smartdict-core (= 0.0.2)
  smartdict-gtk (= 0.0.3)
